PATH
  remote: .
  specs:
    distributed_redis (0.1.0)
      redis (~> 4.0)

GEM
  remote: https://rubygems.org/
  specs:
    minitest (5.11.3)
    rake (10.5.0)
    redis (4.1.0)

PLATFORMS
  ruby

DEPENDENCIES
  bundler (~> 2.0)
  distributed_redis!
  minitest (~> 5.0)
  rake (~> 10.0)

BUNDLED WITH
   2.0.1
